GEM
  remote: https://rubygems.org/
  specs:
    addressable (2.5.2)
      public_suffix (>= 2.0.2, < 4.0)
    faraday (0.13.1)
      multipart-post (>= 1.2, < 3)
    libxml-ruby (2.9.0)
    libxslt-ruby (1.1.1)
      libxml-ruby (>= 2.4.0)
    licensee (8.8.5)
      rugged (~> 0.24)
    multipart-post (2.0.0)
    octokit (4.8.0)
      sawyer (~> 0.8.0, >= 0.5.3)
    pg (0.19.0)
    public_suffix (3.0.1)
    rack (2.1.4)
    rugged (0.26.0)
    sawyer (0.8.1)
      addressable (>= 2.3.5, < 2.6)
      faraday (~> 0.8, < 1.0)
    sequel (5.18.0)

PLATFORMS
  ruby

DEPENDENCIES
  libxml-ruby (> 0)
  libxslt-ruby (> 0)
  licensee (~> 8.7)
  octokit (~> 4.6)
  pg
  rack (>= 2.0.6)
  sequel (~> 5.7)

RUBY VERSION
   ruby 2.4.5p335

BUNDLED WITH
   2.0.1
